PATH
  remote: .
  specs:
    administration-zero (1.0.3)

GEM
  remote: https://rubygems.org/
  specs:
    rake (13.0.6)

PLATFORMS
  x86_64-darwin-21

DEPENDENCIES
  administration-zero!
  rake (~> 13.0)

BUNDLED WITH
   2.3.7
